GEM
  remote: http://rubygems.org/
  specs:
    actionmailer (2.3.5)
      actionpack (= 2.3.5)
    actionpack (2.3.5)
      activesupport (= 2.3.5)
      rack (~> 1.0.0)
    activerecord (2.3.5)
      activesupport (= 2.3.5)
    activeresource (2.3.5)
      activesupport (= 2.3.5)
    activesupport (2.3.5)
    configuration (1.1.0)
    geokit (1.5.0)
    haml (3.0.21)
    heroku (1.10.14)
      json_pure (>= 1.2.0, < 1.5.0)
      launchy (~> 0.3.2)
      rest-client (>= 1.4.0, < 1.7.0)
    json_pure (1.4.6)
    launchy (0.3.7)
      configuration (>= 0.0.5)
      rake (>= 0.8.1)
    linguistics (1.0.8)
    mail (2.2.1)
      activesupport (>= 2.3.4)
      mime-types
      treetop (>= 1.4.5)
    mechanize (1.0.0)
      nokogiri (>= 1.2.1)
    mime-types (1.16)
    nokogiri (1.4.3.1)
    pg (0.9.0)
    polyglot (0.3.1)
    prawn (0.8.4)
      prawn-core (>= 0.8.4, < 0.9)
      prawn-layout (>= 0.8.4, < 0.9)
      prawn-security (>= 0.8.4, < 0.9)
    prawn-core (0.8.4)
    prawn-layout (0.8.4)
    prawn-security (0.8.4)
    rack (1.0.1)
    rails (2.3.5)
      actionmailer (= 2.3.5)
      actionpack (= 2.3.5)
      activerecord (= 2.3.5)
      activeresource (= 2.3.5)
      activesupport (= 2.3.5)
      rake (>= 0.8.3)
    rails-footnotes (3.6.7)
    rake (0.8.7)
    rest-client (1.6.1)
      mime-types (>= 1.16)
    rest-open-uri (1.0.0)
    rmagick (2.13.1)
    rspec (1.3.1)
    rspec-rails (1.3.3)
      rack (>= 1.0.0)
      rspec (= 1.3.1)
    rubyzip (0.9.4)
    sequel (3.17.0)
    sinatra (1.0)
      rack (>= 1.0)
    sqlite3-ruby (1.3.1)
    taps (0.3.14)
      json_pure (>= 1.2.0, < 1.5.0)
      rack (>= 1.0.1)
      rest-client (>= 1.4.0, < 1.7.0)
      sequel (~> 3.17.0)
      sinatra (~> 1.0.0)
      sqlite3-ruby (~> 1.2)
    treetop (1.4.8)
      polyglot (>= 0.3.1)
    will_paginate (2.3.15)

PLATFORMS
  ruby

DEPENDENCIES
  geokit
  haml
  heroku
  linguistics
  mail (= 2.2.1)
  mechanize
  pg
  prawn
  rails (= 2.3.5)
  rails-footnotes
  rest-open-uri
  rmagick
  rspec (= 1.3.1)
  rspec-rails (= 1.3.3)
  rubyzip
  taps (= 0.3.14)
  will_paginate
